PATH
  remote: .
  specs:
    kata04_datamunging (0.1.0)

GEM
  remote: https://rubygems.org/
  specs:
    rake (10.4.2)

PLATFORMS
  ruby

DEPENDENCIES
  bundler (~> 1.9)
  kata04_datamunging!
  rake (~> 10.0)
